PATH
  remote: .
  specs:
    backpedal (0.2.1)

GEM
  remote: https://rubygems.org/
  specs:
    rake (10.5.0)

PLATFORMS
  ruby

DEPENDENCIES
  backpedal!
  bundler (~> 2.0)
  rake (~> 10.0)

BUNDLED WITH
   2.0.2
