PATH
  remote: .
  specs:
    backpedal (0.1.2)

GEM
  remote: https://rubygems.org/
  specs:
    rake (13.0.1)

PLATFORMS
  ruby

DEPENDENCIES
  backpedal!
  bundler (~> 2.0)
  rake (~> 13.0)

BUNDLED WITH
   2.0.2
